GEM
  remote: https://rubygems.org/
  specs:
    awesome_print (1.6.1)
    dotenv (2.1.0)

PLATFORMS
  ruby

DEPENDENCIES
  awesome_print
  dotenv

BUNDLED WITH
   1.11.2
